GIT
  remote: git://github.com/henare/jira-ruby.git
  revision: a0025a8433b3ff9c2be3484724c30dfd436277eb
  ref: a0025a8
  specs:
    jira-ruby (0.1.2)
      activesupport
      oauth

GEM
  remote: https://rubygems.org/
  specs:
    activesupport (4.0.2)
      i18n (~> 0.6, >= 0.6.4)
      minitest (~> 4.2)
      multi_json (~> 1.3)
      thread_safe (~> 0.1)
      tzinfo (~> 0.3.37)
    atomic (1.1.14)
    i18n (0.6.9)
    minitest (4.7.5)
    multi_json (1.8.2)
    oauth (0.4.7)
    thread_safe (0.1.3)
      atomic
    tzinfo (0.3.38)

PLATFORMS
  ruby

DEPENDENCIES
  jira-ruby!
